PATH
  remote: .
  specs:
    mayucss (0.0.4)

GEM
  remote: https://rubygems.org/
  specs:
    rake (13.0.6)
    rake-compiler (1.2.1)
      rake
    rb_sys (0.9.58)

PLATFORMS
  aarch64-linux
  arm64-darwin
  x86_64-darwin
  x86_64-darwin-20
  x86_64-linux

DEPENDENCIES
  mayucss!
  rake (~> 13.0)
  rake-compiler (~> 1.2.1)
  rb_sys (~> 0.9.58)

BUNDLED WITH
   2.4.3
