PATH
  remote: .
  specs:
    mayu-css (0.1.3)

GEM
  remote: https://rubygems.org/
  specs:
    minitest (5.25.5)
    rake (13.2.1)
    rake-compiler (1.2.9)
      rake
    rake-compiler-dock (1.9.1)
    rb_sys (0.9.111)
      rake-compiler-dock (= 1.9.1)

PLATFORMS
  aarch64-linux
  arm64-darwin
  x86_64-darwin
  x86_64-darwin-20
  x86_64-linux

DEPENDENCIES
  mayu-css!
  minitest (~> 5.20)
  rake (~> 13.1)
  rake-compiler (~> 1.2.5)
  rb_sys (~> 0.9.111)

BUNDLED WITH
   2.4.3
